GEM
  specs:
    byebug (11.1.3)

PLATFORMS
  ruby
  x86_64-darwin-23

DEPENDENCIES
  byebug

BUNDLED WITH
   2.5.11
